GIT
  remote: https://github.com/dcparker/ruby-gmail
  revision: a4b951ffb093f597efba6a4dbd6353bf16094fd8
  specs:
    ruby-gmail (0.2.2)
      mail (>= 2.2.1)
      mime (>= 0.1)
      shared-mime-info

GEM
  remote: http://rubygems.org/
  specs:
    highline (1.6.15)
    i18n (0.6.1)
    mail (2.5.3)
      i18n (>= 0.4.0)
      mime-types (~> 1.16)
      treetop (~> 1.4.8)
    mime (0.1)
    mime-types (1.19)
    polyglot (0.3.3)
    shared-mime-info (0.1)
    slop (3.3.3)
    treetop (1.4.12)
      polyglot
      polyglot (>= 0.3.1)

PLATFORMS
  ruby

DEPENDENCIES
  highline
  ruby-gmail!
  slop
